GEM
  remote: https://rubygems.org/
  specs:
    addressable (2.8.6)
      public_suffix (>= 2.0.2, < 6.0)
    babosa (2.0.0)
    base64 (0.2.0)
    coderay (1.1.3)
    cohere-ai (1.1.0)
      faraday (~> 2.9)
      faraday-typhoeus (~> 1.1)
    concurrent-ruby (1.3.3)
    dotenv (3.1.2)
    ethon (0.16.0)
      ffi (>= 1.15.0)
    event_stream_parser (1.0.0)
    faraday (2.9.1)
      faraday-net_http (>= 2.0, < 3.2)
    faraday-multipart (1.0.4)
      multipart-post (~> 2)
    faraday-net_http (3.1.0)
      net-http
    faraday-typhoeus (1.1.0)
      faraday (~> 2.0)
      typhoeus (~> 1.4)
    ffi (1.17.0)
    gemini-ai (4.0.0)
      event_stream_parser (~> 1.0)
      faraday (~> 2.9)
      faraday-typhoeus (~> 1.1)
      googleauth (~> 1.8)
      typhoeus (~> 1.4, >= 1.4.1)
    google-cloud-env (2.1.1)
      faraday (>= 1.0, < 3.a)
    googleauth (1.11.0)
      faraday (>= 1.0, < 3.a)
      google-cloud-env (~> 2.1)
      jwt (>= 1.4, < 3.0)
      multi_json (~> 1.11)
      os (>= 0.9, < 2.0)
      signet (>= 0.16, < 2.a)
    jwt (2.8.1)
      base64
    lolcat (100.0.1)
      manpages (~> 0.6.1)
      optimist (~> 3.0.0)
      paint (~> 2.1)
    manpages (0.6.1)
    maritaca-ai (1.2.0)
      event_stream_parser (~> 1.0)
      faraday (~> 2.9)
      faraday-typhoeus (~> 1.1)
    method_source (1.1.0)
    mistral-ai (1.2.0)
      event_stream_parser (~> 1.0)
      faraday (~> 2.9)
      faraday-typhoeus (~> 1.1)
    multi_json (1.15.0)
    multipart-post (2.4.1)
    nano-bots (3.1.0)
      babosa (~> 2.0)
      cohere-ai (~> 1.1)
      concurrent-ruby (~> 1.2, >= 1.2.3)
      dotenv (~> 3.1, >= 3.1.2)
      faraday (~> 2.9)
      faraday-typhoeus (~> 1.1)
      gemini-ai (~> 4.0)
      maritaca-ai (~> 1.2)
      mistral-ai (~> 1.2)
      ollama-ai (~> 1.2, >= 1.2.1)
      pry (~> 0.14.2)
      rainbow (~> 3.1, >= 3.1.1)
      rbnacl (~> 7.1, >= 7.1.1)
      redcarpet (~> 3.6)
      ruby-openai (~> 7.0, >= 7.0.1)
      sweet-moon (~> 0.0.7)
      typhoeus (~> 1.4, >= 1.4.1)
    net-http (0.4.1)
      uri
    ollama-ai (1.2.1)
      faraday (~> 2.9)
      faraday-typhoeus (~> 1.1)
    optimist (3.0.1)
    os (1.1.4)
    paint (2.3.0)
    pry (0.14.2)
      coderay (~> 1.1)
      method_source (~> 1.0)
    public_suffix (5.1.1)
    rainbow (3.1.1)
    rbnacl (7.1.1)
      ffi
    redcarpet (3.6.0)
    ruby-openai (7.1.0)
      event_stream_parser (>= 0.3.0, < 2.0.0)
      faraday (>= 1)
      faraday-multipart (>= 1)
    signet (0.19.0)
      addressable (~> 2.8)
      faraday (>= 0.17.5, < 3.a)
      jwt (>= 1.5, < 3.0)
      multi_json (~> 1.10)
    sweet-moon (0.0.7)
      ffi (~> 1.15, >= 1.15.5)
    typhoeus (1.4.1)
      ethon (>= 0.9.0)
    uri (0.13.0)

PLATFORMS
  ruby
  x86_64-linux

DEPENDENCIES
  faraday (~> 2.9, >= 2.9.1)
  gemini-ai (~> 4.0.0)
  lolcat
  nano-bots (~> 3.1.0)

BUNDLED WITH
   2.5.7
